GIT
  remote: https://github.com/looker/lookml-test-runner.git
  revision: 6f250e79d9036fa0daf035ad781159d4eb9b86b7
  specs:
    lookml-test (0.1.0)
      dotenv
      looker-sdk

GEM
  remote: https://rubygems.org/
  specs:
    addressable (2.3.8)
    dotenv (2.2.1)
    faraday (0.9.2)
      multipart-post (>= 1.2, < 3)
    looker-sdk (0.0.5)
      sawyer (= 0.6)
    minitest (5.11.1)
    multipart-post (2.0.0)
    sawyer (0.6.0)
      addressable (~> 2.3.5)
      faraday (~> 0.8, < 0.10)

PLATFORMS
  ruby

DEPENDENCIES
  lookml-test!
  minitest

BUNDLED WITH
   1.14.3
